GEM
  remote: https://rubygems.org/
  specs:
    rake (13.3.0)
    rake-compiler (1.3.0)
      rake

PLATFORMS
  ruby
  x86_64-linux

DEPENDENCIES
  rake-compiler

BUNDLED WITH
   2.6.9
